GIT
  remote: git@github.com:mohammed-io/fiber_pool.git
  revision: 1d6eca7778da766a62dd688acd44ac97476ab596
  tag: no-queue-simple-pool
  specs:
    fiber_pool (0.1.0)

GEM
  remote: https://rubygems.org/
  specs:
    async (2.8.0)
      console (~> 1.10)
      fiber-annotation
      io-event (~> 1.1)
      timers (~> 4.1)
    async-container (0.16.12)
      async
      async-io
    async-http (0.61.0)
      async (>= 1.25)
      async-io (>= 1.28)
      async-pool (>= 0.2)
      protocol-http (~> 0.25.0)
      protocol-http1 (~> 0.16.0)
      protocol-http2 (~> 0.15.0)
      traces (>= 0.10.0)
    async-http-cache (0.4.3)
      async-http (~> 0.56)
    async-io (1.38.1)
      async
    async-pool (0.4.0)
      async (>= 1.25)
    base64 (0.2.0)
    bigdecimal (3.1.5)
    build-environment (1.13.0)
    console (1.23.3)
      fiber-annotation
      fiber-local
    falcon (0.42.3)
      async
      async-container (~> 0.16.0)
      async-http (~> 0.57)
      async-http-cache (~> 0.4.0)
      async-io (~> 1.22)
      build-environment (~> 1.13)
      bundler
      localhost (~> 1.1)
      openssl (~> 3.0)
      process-metrics (~> 0.2.0)
      protocol-rack (~> 0.1)
      samovar (~> 2.1)
    fiber-annotation (0.2.0)
    fiber-local (1.0.0)
    io-event (1.4.2)
    localhost (1.1.10)
    mapping (1.1.1)
    mustermann (3.0.0)
      ruby2_keywords (~> 0.0.1)
    openssl (3.2.0)
    pg (1.5.4)
    process-metrics (0.2.1)
      console (~> 1.8)
      samovar (~> 2.1)
    protocol-hpack (1.4.2)
    protocol-http (0.25.0)
    protocol-http1 (0.16.1)
      protocol-http (~> 0.22)
    protocol-http2 (0.15.1)
      protocol-hpack (~> 1.4)
      protocol-http (~> 0.18)
    protocol-rack (0.4.1)
      protocol-http (~> 0.23)
      rack (>= 1.0)
    rack (3.0.8)
    rack-protection (4.0.0)
      base64 (>= 0.1.0)
      rack (>= 3.0.0, < 4)
    rack-session (2.0.0)
      rack (>= 3.0.0)
    ruby2_keywords (0.0.5)
    samovar (2.2.0)
      console (~> 1.0)
      mapping (~> 1.0)
    sequel (5.76.0)
      bigdecimal
    sinatra (4.0.0)
      mustermann (~> 3.0)
      rack (>= 3.0.0, < 4)
      rack-protection (= 4.0.0)
      rack-session (>= 2.0.0, < 3)
      tilt (~> 2.0)
    tilt (2.3.0)
    timers (4.3.5)
    traces (0.11.1)

PLATFORMS
  arm64-darwin-23
  ruby

DEPENDENCIES
  falcon
  fiber_pool!
  pg (~> 1.1)
  sequel
  sinatra

BUNDLED WITH
   2.5.3
